PATH
  remote: .
  specs:
    teamweek-ruby (0.1.0)
      httparty

GEM
  remote: https://rubygems.org/
  specs:
    httparty (0.13.5)
      json (~> 1.8)
      multi_xml (>= 0.5.2)
    json (1.8.3)
    multi_xml (0.5.5)
    rake (10.5.0)

PLATFORMS
  ruby

DEPENDENCIES
  bundler (~> 1.6)
  rake
  teamweek-ruby!

BUNDLED WITH
   1.10.6
